GEM
  remote: https://rubygems.org/
  specs:
    webrick (1.9.0)

PLATFORMS
  x64-mingw-ucrt

DEPENDENCIES
  webrick

RUBY VERSION
   ruby 3.3.6p108

BUNDLED WITH
   2.5.22
